{
    "TaskName": "Sleep",
    "SamplingFrequency": 200,
    "EEGReference": "Cz",
    "PowerLineFrequency": 50,
    "SoftwareFilters": "n/a",
    "TaskDescription": "At home sleep recording",
    "InstitutionName": "Aarhus University",
    "InstitutionalDepartmentName": "Department of Engineering",
    "InstitutionAddress": "Finlandsgade 22, 8200 Aarhus N",
    "EEGChannelCount": 34,
    "EOGChannelCount": 0,
    "ECGChannelCount": 0,
    "EMGChannelCount": 0,
    "MiscChannelCount": 0,
    "TriggerChannelCount": 0,
    "EEGPlacementScheme": "10/20",
    "RecordingDuration": 3635.995
}